GEM
  remote: https://rubygems.org/
  specs:
    dotenv (2.1.1)
    mustermann (1.1.1)
      ruby2_keywords (~> 0.0.1)
    puma (3.6.0)
    rack (2.2.3)
    rack-protection (2.2.0)
      rack
    ruby2_keywords (0.0.5)
    serialport (1.3.1)
    sinatra (2.2.0)
      mustermann (~> 1.0)
      rack (~> 2.2)
      rack-protection (= 2.2.0)
      tilt (~> 2.0)
    tilt (2.0.10)

PLATFORMS
  ruby

DEPENDENCIES
  dotenv
  puma
  serialport
  sinatra

BUNDLED WITH
   1.12.5
